PATH
  remote: ~/gems/hue
  specs:
    hue (0.1.5)
      curb
      json
      log_switch (= 0.4.0)
      thor

GEM
  remote: https://rubygems.org/
  specs:
    ansi (1.5.0)
    builder (3.2.2)
    coderay (1.1.0)
    colorize (0.7.3)
    curb (0.8.8)
    json (1.8.3)
    log_switch (0.4.0)
    method_source (0.8.2)
    minitest (5.4.0)
    minitest-reporters (1.0.17)
      ansi
      builder
      minitest (>= 5.0)
      ruby-progressbar
    pry (0.10.1)
      coderay (~> 1.1.0)
      method_source (~> 0.8.1)
      slop (~> 3.4)
    ruby-progressbar (1.7.5)
    slop (3.6.0)
    thor (0.19.1)

PLATFORMS
  ruby

DEPENDENCIES
  colorize
  hue!
  minitest
  minitest-reporters
  pry
