GEM
  remote: https://rubygems.org/
  specs:
    colorize (0.7.3)
    curb (0.8.8)
    hue (0.1.5)
      curb
      json
      log_switch (= 0.4.0)
      thor
    json (1.8.3)
    log_switch (0.4.0)
    thor (0.19.1)

PLATFORMS
  ruby

DEPENDENCIES
  colorize
  hue

BUNDLED WITH
   1.10.3
